GEM
  remote: https://rubygems.org/
  specs:
    artii (2.1.1)
    clever-api (0.0.2)
      rest-client
    domain_name (0.5.25)
      unf (>= 0.0.5, < 1.0.0)
    eventmachine (1.0.7)
    faraday (0.9.2)
      multipart-post (>= 1.2, < 3)
    faye-websocket (0.9.2)
      eventmachine (>= 0.12.0)
      websocket-driver (>= 0.5.1)
    http-cookie (1.0.2)
      domain_name (~> 0.5)
    http_router (0.11.2)
      rack (>= 1.0.0)
      url_mount (~> 0.2.1)
    i18n (0.7.0)
    ice_nine (0.11.1)
    lita (4.7.0)
      bundler (>= 1.3)
      faraday (>= 0.8.7)
      http_router (>= 0.11.2)
      i18n (>= 0.6.9)
      ice_nine (>= 0.11.0)
      multi_json (>= 1.7.7)
      puma (>= 2.7.1)
      rack (>= 1.5.2)
      rb-readline (>= 0.5.1)
      redis-namespace (>= 1.3.0)
      thor (>= 0.18.1)
    lita-ai (0.1.0)
      clever-api (~> 0.0.2)
      lita (>= 4.6)
    lita-applause (0.0.2)
      lita (>= 4.0)
    lita-ascii-art (0.1.0)
      artii (>= 2.0.4)
      lita (>= 4.0.0)
    lita-catfacts (0.0.4)
      lita (>= 2.3)
    lita-catgif (0.0.2)
      lita (>= 2.6)
    lita-coin (0.0.3)
      lita (>= 2.3)
    lita-compliment (0.2.0)
      lita (>= 4.6)
    lita-cowsay (0.1.1)
      lita (>= 4.0)
      ruby_cowsay
    lita-crazycaps (0.0.1)
      lita (>= 2.7)
    lita-excuses (0.0.6)
      lita (>= 2.2)
      nokogiri
    lita-flip (1.0.1)
      lita
    lita-fortune (0.0.3)
      lita (>= 2.0)
    lita-giphy (1.0.2)
      lita (>= 2.0)
    lita-google-images (2.0.0)
      lita (>= 4.0)
    lita-greet (0.1.1)
      lita (>= 4.4)
    lita-hashtag (0.1.0)
      lita (>= 4.1)
    lita-high-five (0.0.1)
      lita (>= 3.0)
    lita-httpcat (0.1.0)
      lita (>= 4.6)
    lita-karma (3.0.2)
      lita (>= 4.0)
    lita-literally-lita (0.1.0)
      lita (>= 2.3)
    lita-manatee (0.1.1)
      lita (>= 4.4)
    lita-manners (0.1.1)
      lita (>= 4.4)
    lita-motivate (0.2.1)
      lita (>= 4.2)
    lita-no-u (0.0.1)
      lita (>= 3.3)
    lita-nope-badger (0.1.1)
      lita (>= 4.3)
    lita-nope-octopus (0.1.1)
      lita (>= 4.3)
    lita-octocat (0.0.2)
      lita (>= 3.0)
    lita-pugbomb (1.0.2)
      lita (>= 2.0)
    lita-reverse_table_flip (0.0.1)
      lita (>= 4.0)
    lita-rules (0.0.1)
      lita (>= 3.0)
    lita-shipit (0.1.0)
      lita (>= 4.0)
    lita-should-i (0.1.0)
      lita (>= 4.3)
    lita-slack (1.5.0)
      eventmachine
      faraday
      faye-websocket (>= 0.8.0)
      lita (>= 4.4.2)
      multi_json
    lita-slack-karma-sync (0.2.1)
      lita (>= 4.2)
      lita-karma (>= 3.0.2)
      lita-slack (>= 1.2.0)
    lita-snack (0.1.0)
      lita (>= 4.3)
    lita-vader (0.2.0)
      lita (>= 4.2)
    lita-y (0.0.3)
      lita (>= 2.6)
    lita-yoda-quotes (0.1.0)
      lita (>= 4.4)
    mime-types (2.99)
    mini_portile (0.6.2)
    multi_json (1.11.2)
    multipart-post (2.0.0)
    netrc (0.11.0)
    nokogiri (1.6.6.2)
      mini_portile (~> 0.6.0)
    puma (2.15.3)
    rack (1.6.4)
    rb-readline (0.5.3)
    redis (3.2.2)
    redis-namespace (1.5.2)
      redis (~> 3.0, >= 3.0.4)
    rest-client (1.8.0)
      http-cookie (>= 1.0.2, < 2.0)
      mime-types (>= 1.16, < 3.0)
      netrc (~> 0.7)
    ruby_cowsay (0.1.1)
    thor (0.19.1)
    unf (0.1.4)
      unf_ext
    unf_ext (0.0.7.1)
    url_mount (0.2.1)
      rack
    websocket-driver (0.5.4)
      websocket-extensions (>= 0.1.0)
    websocket-extensions (0.1.2)

PLATFORMS
  ruby

DEPENDENCIES
  lita (~> 4.6)
  lita-ai
  lita-applause
  lita-ascii-art
  lita-catfacts
  lita-catgif
  lita-coin
  lita-compliment
  lita-cowsay
  lita-crazycaps
  lita-excuses
  lita-flip
  lita-fortune
  lita-giphy
  lita-google-images
  lita-greet
  lita-hashtag
  lita-high-five
  lita-httpcat
  lita-karma
  lita-literally-lita
  lita-manatee
  lita-manners
  lita-motivate
  lita-no-u
  lita-nope-badger
  lita-nope-octopus
  lita-octocat
  lita-pugbomb
  lita-reverse_table_flip
  lita-rules
  lita-shipit
  lita-should-i
  lita-slack
  lita-slack-karma-sync
  lita-snack
  lita-vader
  lita-y
  lita-yoda-quotes
